GEM
  remote: https://rubygems.org/
  specs:
    awesome_print (1.8.0)
    bond (0.5.1)
    byebug (10.0.1)
    diff-lcs (1.3)
    dotenv (2.2.1)
    httparty (0.16.1)
      multi_xml (>= 0.5.2)
    multi_xml (0.6.0)
    rb-readline (0.5.5)
    ripl (0.7.1)
      bond (~> 0.5.1)
    ripl-commands (0.2.1)
      ripl (>= 0.2.9)
    ripl-irb (0.2.3)
      ripl (>= 0.2.5)
    ripl-multi_line (0.3.1)
      ripl (>= 0.3.6)
    rspec (3.8.0)
      rspec-core (~> 3.8.0)
      rspec-expectations (~> 3.8.0)
      rspec-mocks (~> 3.8.0)
    rspec-core (3.8.2)
      rspec-support (~> 3.8.0)
    rspec-expectations (3.8.4)
      diff-lcs (>= 1.2.0, < 2.0)
      rspec-support (~> 3.8.0)
    rspec-mocks (3.8.1)
      diff-lcs (>= 1.2.0, < 2.0)
      rspec-support (~> 3.8.0)
    rspec-support (3.8.2)
    rumbda (1.1.0)
      bundler (= 1.9.9)
      thor (~> 0.19)
    thor (0.20.0)

PLATFORMS
  ruby

DEPENDENCIES
  awesome_print
  bundler (= 1.9.9)
  byebug
  dotenv
  httparty
  rb-readline
  ripl
  ripl-commands
  ripl-irb
  ripl-multi_line
  rspec
  rumbda
